GEM
  remote: https://rubygems.org/
  specs:
    activesupport (6.1.7.8)
      concurrent-ruby (~> 1.0, >= 1.0.2)
      i18n (>= 1.6, < 2)
      minitest (>= 5.1)
      tzinfo (~> 2.0)
      zeitwerk (~> 2.3)
    concurrent-ruby (1.3.3)
    hashdiff (1.0.1)
    i18n (1.14.5)
      concurrent-ruby (~> 1.0)
    kramdown (2.4.0)
      rexml
    mini_portile2 (2.8.7)
    minitest (5.24.1)
    nokogiri (1.13.10)
      mini_portile2 (~> 2.8.0)
      racc (~> 1.4)
    racc (1.8.0)
    rake (13.0.6)
    regexp-examples (1.5.1)
    rexml (3.3.2)
      strscan
    strscan (3.1.0)
    tzinfo (2.0.6)
      concurrent-ruby (~> 1.0)
    zeitwerk (2.6.16)

PLATFORMS
  ruby

DEPENDENCIES
  activesupport
  hashdiff
  kramdown
  nokogiri
  rake
  regexp-examples

BUNDLED WITH
   2.3.12
